GEM
  remote: https://rubygems.org/
  specs:
    byebug (3.1.2)
      columnize (~> 0.8)
      debugger-linecache (~> 1.2)
    columnize (0.8.9)
    debugger-linecache (1.2.0)
    netrc (0.7.7)
    rest_client (1.7.3)
      netrc (~> 0.7.7)

PLATFORMS
  ruby

DEPENDENCIES
  byebug
  rest_client
